GEM
  remote: https://rubygems.org/
  specs:
    activemodel (8.0.2)
      activesupport (= 8.0.2)
    activesupport (8.0.2)
      base64
      benchmark (>= 0.3)
      bigdecimal
      concurrent-ruby (~> 1.0, >= 1.3.1)
      connection_pool (>= 2.2.5)
      drb
      i18n (>= 1.6, < 2)
      logger (>= 1.4.2)
      minitest (>= 5.1)
      securerandom (>= 0.3)
      tzinfo (~> 2.0, >= 2.0.5)
      uri (>= 0.13.1)
    addressable (2.8.7)
      public_suffix (>= 2.0.2, < 7.0)
    ansi (1.5.0)
    ast (2.4.3)
    atdis (0.5.2)
      activemodel
      activesupport
      multi_json (~> 1.7)
      rest-client
      rgeo-geojson
    base64 (0.3.0)
    benchmark (0.4.1)
    bigdecimal (3.2.2)
    concurrent-ruby (1.3.5)
    connection_pool (2.5.3)
    crack (1.0.0)
      bigdecimal
      rexml
    diff-lcs (1.6.2)
    docile (1.4.1)
    domain_name (0.6.20240107)
    drb (2.2.3)
    hashdiff (1.2.0)
    http-accept (1.7.0)
    http-cookie (1.0.8)
      domain_name (~> 0.5)
    httpclient (2.9.0)
      mutex_m
    i18n (1.14.7)
      concurrent-ruby (~> 1.0)
    json (2.12.2)
    language_server-protocol (3.17.0.5)
    lint_roller (1.1.0)
    logger (1.7.0)
    mechanize (2.8.5)
      addressable (~> 2.8)
      domain_name (~> 0.5, >= 0.5.20190701)
      http-cookie (~> 1.0, >= 1.0.3)
      mime-types (~> 3.0)
      net-http-digest_auth (~> 1.4, >= 1.4.1)
      net-http-persistent (>= 2.5.2, < 5.0.dev)
      nokogiri (~> 1.11, >= 1.11.2)
      rubyntlm (~> 0.6, >= 0.6.3)
      webrick (~> 1.7)
      webrobots (~> 0.1.2)
    mime-types (3.7.0)
      logger
      mime-types-data (~> 3.2025, >= 3.2025.0507)
    mime-types-data (3.2025.0708)
    minitest (5.25.5)
    multi_json (1.16.0)
    mutex_m (0.3.0)
    net-http-digest_auth (1.4.1)
    net-http-persistent (4.0.6)
      connection_pool (~> 2.2, >= 2.2.4)
    netrc (0.11.0)
    nokogiri (1.15.7-aarch64-linux)
      racc (~> 1.4)
    nokogiri (1.15.7-arm-linux)
      racc (~> 1.4)
    nokogiri (1.15.7-arm64-darwin)
      racc (~> 1.4)
    nokogiri (1.15.7-x86-linux)
      racc (~> 1.4)
    nokogiri (1.15.7-x86_64-darwin)
      racc (~> 1.4)
    nokogiri (1.15.7-x86_64-linux)
      racc (~> 1.4)
    parallel (1.27.0)
    parser (3.3.8.0)
      ast (~> 2.4.1)
      racc
    prism (1.4.0)
    public_suffix (6.0.2)
    racc (1.8.1)
    rainbow (3.1.1)
    rake (12.3.3)
    regexp_parser (2.10.0)
    rest-client (2.1.0)
      http-accept (>= 1.7.0, < 2.0)
      http-cookie (>= 1.0.2, < 2.0)
      mime-types (>= 1.16, < 4.0)
      netrc (~> 0.8)
    rexml (3.4.1)
    rgeo (3.0.1)
    rgeo-geojson (2.2.0)
      multi_json (~> 1.15)
      rgeo (>= 1.0.0)
    rspec (3.13.1)
      rspec-core (~> 3.13.0)
      rspec-expectations (~> 3.13.0)
      rspec-mocks (~> 3.13.0)
    rspec-core (3.13.5)
      rspec-support (~> 3.13.0)
    rspec-expectations (3.13.5)
      diff-lcs (>= 1.2.0, < 2.0)
      rspec-support (~> 3.13.0)
    rspec-mocks (3.13.5)
      diff-lcs (>= 1.2.0, < 2.0)
      rspec-support (~> 3.13.0)
    rspec-support (3.13.4)
    rubocop (1.78.0)
      json (~> 2.3)
      language_server-protocol (~> 3.17.0.2)
      lint_roller (~> 1.1.0)
      parallel (~> 1.10)
      parser (>= 3.3.0.2)
      rainbow (>= 2.2.2, < 4.0)
      regexp_parser (>= 2.9.3, < 3.0)
      rubocop-ast (>= 1.45.1, < 2.0)
      ruby-progressbar (~> 1.7)
      unicode-display_width (>= 2.4.0, < 4.0)
    rubocop-ast (1.45.1)
      parser (>= 3.3.7.2)
      prism (~> 1.4)
    ruby-progressbar (1.13.0)
    rubyntlm (0.6.5)
      base64
    scraperwiki (3.0.2)
      httpclient
      sqlite_magic
    scraperwiki-morph (0.1.1)
      scraperwiki
    securerandom (0.4.1)
    simplecov (0.18.5)
      docile (~> 1.1)
      simplecov-html (~> 0.11)
    simplecov-console (0.9.3)
      ansi
      simplecov
      terminal-table
    simplecov-html (0.13.1)
    sqlite3 (1.6.9-aarch64-linux)
    sqlite3 (1.6.9-arm-linux)
    sqlite3 (1.6.9-arm64-darwin)
    sqlite3 (1.6.9-x86-linux)
    sqlite3 (1.6.9-x86_64-darwin)
    sqlite3 (1.6.9-x86_64-linux)
    sqlite_magic (0.0.6)
      sqlite3
    terminal-table (4.0.0)
      unicode-display_width (>= 1.1.1, < 4)
    tzinfo (2.0.6)
      concurrent-ruby (~> 1.0)
    unicode-display_width (3.1.4)
      unicode-emoji (~> 4.0, >= 4.0.4)
    unicode-emoji (4.0.4)
    uri (1.0.3)
    vcr (6.3.1)
      base64
    webmock (3.19.1)
      addressable (>= 2.8.0)
      crack (>= 0.3.2)
      hashdiff (>= 0.4.0, < 2.0.0)
    webrick (1.9.1)
    webrobots (0.1.2)

PLATFORMS
  aarch64-linux
  arm-linux
  arm64-darwin
  x86-linux
  x86_64-darwin
  x86_64-linux

DEPENDENCIES
  atdis (~> 0.5.0)
  mechanize (~> 2.8.5)
  nokogiri (~> 1.15.0)
  rake (~> 12.3)
  rspec (~> 3.0)
  rubocop
  scraperwiki-morph
  simplecov (~> 0.18.0)
  simplecov-console
  sqlite3 (~> 1.6.3)
  vcr
  webmock (~> 3.19.0)

RUBY VERSION
   ruby 3.2.2p53

BUNDLED WITH
   2.6.9
